PATH
  remote: .
  specs:
    testing (0.0.2)
      colorize (~> 0.8)

GEM
  remote: http://rubygems.org/
  specs:
    colorize (0.8.1)
    rake (12.3.0)

PLATFORMS
  ruby

DEPENDENCIES
  rake
  testing!

BUNDLED WITH
   1.14.3
